GEM
  remote: https://rubygems.org/
  specs:
    coderay (1.1.3)
    method_source (1.0.0)
    pdf-core (0.9.0)
    prawn (2.4.0)
      pdf-core (~> 0.9.0)
      ttfunk (~> 1.7)
    pry (0.14.2)
      coderay (~> 1.1)
      method_source (~> 1.0)
    ttfunk (1.7.0)

PLATFORMS
  x86_64-linux

DEPENDENCIES
  prawn
  pry

BUNDLED WITH
   2.4.19
